PATH
  remote: .
  specs:
    stopwatch (0.0.4)

GEM
  remote: http://rubygems.org/
  specs:
    diff-lcs (1.3)
    rack (1.6.5)
    rspec (3.5.0)
      rspec-core (~> 3.5.0)
      rspec-expectations (~> 3.5.0)
      rspec-mocks (~> 3.5.0)
    rspec-core (3.5.4)
      rspec-support (~> 3.5.0)
    rspec-expectations (3.5.0)
      diff-lcs (>= 1.2.0, < 2.0)
      rspec-support (~> 3.5.0)
    rspec-mocks (3.5.0)
      diff-lcs (>= 1.2.0, < 2.0)
      rspec-support (~> 3.5.0)
    rspec-support (3.5.0)

PLATFORMS
  ruby

DEPENDENCIES
  rack (~> 1.6.5)
  rspec (~> 3.5.0)
  stopwatch!

BUNDLED WITH
   1.12.5
